GEM
  remote: https://rubygems.org/
  specs:
    buftok (0.2.0)
    dotenv (1.0.2)
    em-twitter (0.3.5)
      buftok (~> 0.2)
      eventmachine (~> 1.0)
      http_parser.rb (~> 0.6)
      simple_oauth (~> 0.2)
    eventmachine (1.0.4)
    foreman (0.76.0)
      dotenv (~> 1.0.2)
      thor (~> 0.19.1)
    http_parser.rb (0.6.0)
    json (1.8.1)
    simple_oauth (0.3.0)
    thor (0.19.1)

PLATFORMS
  ruby

DEPENDENCIES
  em-twitter
  foreman
  json
