GEM
  remote: https://rubygems.org/
  specs:
    dotenv (0.9.0)
    em-twitter (0.3.2)
      eventmachine (~> 1.0)
      http_parser.rb (~> 0.6)
      simple_oauth (~> 0.2)
    eventmachine (1.0.3)
    faraday (0.8.9)
      multipart-post (~> 1.2.0)
    foreman (0.63.0)
      dotenv (>= 0.7)
      thor (>= 0.13.6)
    hipchat (1.0.1)
      httparty
    http_parser.rb (0.6.0)
    httparty (0.12.0)
      json (~> 1.8)
      multi_xml (>= 0.5.2)
    idobata (0.0.7)
      faraday (~> 0.8.8)
    json (1.8.1)
    multi_xml (0.5.5)
    multipart-post (1.2.0)
    simple_oauth (0.2.0)
    thor (0.18.1)

PLATFORMS
  ruby

DEPENDENCIES
  em-twitter
  foreman
  hipchat
  idobata
  json
